GEM
  remote: https://rubygems.org/
  specs:
    aruba (0.5.4)
      childprocess (>= 0.3.6)
      cucumber (>= 1.1.1)
      rspec-expectations (>= 2.7.0)
    builder (3.2.3)
    childprocess (0.6.3)
      ffi (~> 1.0, >= 1.0.11)
    cucumber (1.3.10)
      builder (>= 2.1.2)
      diff-lcs (>= 1.1.3)
      gherkin (~> 2.12)
      multi_json (>= 1.7.5, < 2.0)
      multi_test (>= 0.0.2)
    diff-lcs (1.3)
    ffi (1.9.18)
    gherkin (2.12.2)
      multi_json (~> 1.3)
    multi_json (1.12.1)
    multi_test (0.1.2)
    rspec (2.14.1)
      rspec-core (~> 2.14.0)
      rspec-expectations (~> 2.14.0)
      rspec-mocks (~> 2.14.0)
    rspec-core (2.14.7)
    rspec-expectations (2.14.4)
      diff-lcs (>= 1.1.3, < 2.0)
    rspec-mocks (2.14.4)

PLATFORMS
  ruby

DEPENDENCIES
  aruba (~> 0.5.4)
  cucumber (= 1.3.10)
  rspec (= 2.14.1)
  rspec-core (= 2.14.7)
  rspec-expectations (= 2.14.4)
  rspec-mocks (= 2.14.4)

RUBY VERSION
   ruby 2.3.1p112

BUNDLED WITH
   1.14.4
